GEM
  remote: https://rubygems.org/
  specs:
    mini_exiftool (1.6.0)

PLATFORMS
  ruby

DEPENDENCIES
  mini_exiftool (~> 1.6.0)
